GIT
  remote: git@github.com:Vivoxa/aws_gateway.git
  revision: 4321c7a75202efb45d718c79b4eeda3776feeb43
  tag: v0.0.9
  specs:
    aws_gateway (0.0.5)
      aws-sdk (~> 2)

GEM
  remote: https://rubygems.org/
  specs:
    aws-sdk (2.10.106)
      aws-sdk-resources (= 2.10.106)
    aws-sdk-core (2.10.106)
      aws-sigv4 (~> 1.0)
      jmespath (~> 1.0)
    aws-sdk-resources (2.10.106)
      aws-sdk-core (= 2.10.106)
    aws-sigv4 (1.0.2)
    backports (3.10.3)
    byebug (9.1.0)
    cliver (0.3.2)
    coderay (1.1.2)
    jmespath (1.3.1)
    json (2.1.0)
    method_source (0.9.0)
    multi_json (1.12.2)
    mustermann (1.0.1)
    pdf-forms (1.1.1)
      cliver (~> 0.3.2)
      safe_shell (>= 1.0.3, < 2.0)
    pry (0.11.3)
      coderay (~> 1.1.0)
      method_source (~> 0.9.0)
    pry-byebug (3.5.1)
      byebug (~> 9.1)
      pry (~> 0.10)
    puma (3.11.0)
    rack (2.0.3)
    rack-protection (2.0.0)
      rack
    renogen (1.2.0)
    safe_shell (1.1.0)
    sinatra (2.0.0)
      mustermann (~> 1.0)
      rack (~> 2.0)
      rack-protection (= 2.0.0)
      tilt (~> 2.0)
    sinatra-contrib (2.0.0)
      backports (>= 2.0)
      multi_json
      mustermann (~> 1.0)
      rack-protection (= 2.0.0)
      sinatra (= 2.0.0)
      tilt (>= 1.3, < 3)
    tilt (2.0.8)

PLATFORMS
  ruby

DEPENDENCIES
  aws_gateway!
  json
  pdf-forms
  pry-byebug
  puma
  renogen (= 1.2.0)
  sinatra
  sinatra-contrib

BUNDLED WITH
   1.16.0
