GIT
  remote: git@github.com:Vivoxa/aws_gateway.git
  revision: 0f7630883d159072bcd1196ef55f27b0250c4f10
  tag: v1.0.0
  specs:
    aws_gateway (1.0.0)
      aws-sdk (~> 2)

GEM
  remote: https://rubygems.org/
  specs:
    aws-sdk (2.10.109)
      aws-sdk-resources (= 2.10.109)
    aws-sdk-core (2.10.109)
      aws-sigv4 (~> 1.0)
      jmespath (~> 1.0)
    aws-sdk-resources (2.10.109)
      aws-sdk-core (= 2.10.109)
    aws-sigv4 (1.0.2)
    byebug (9.1.0)
    cliver (0.3.2)
    coderay (1.1.2)
    diff-lcs (1.3)
    jmespath (1.3.1)
    json (2.1.0)
    method_source (0.9.0)
    multi_json (1.15.0)
    mustermann (1.1.1)
      ruby2_keywords (~> 0.0.1)
    pdf-forms (1.1.1)
      cliver (~> 0.3.2)
      safe_shell (>= 1.0.3, < 2.0)
    pry (0.11.3)
      coderay (~> 1.1.0)
      method_source (~> 0.9.0)
    pry-byebug (3.5.1)
      byebug (~> 9.1)
      pry (~> 0.10)
    puma (3.11.0)
    rack (2.2.3)
    rack-protection (2.2.0)
      rack
    rack-test (0.6.3)
      rack (>= 1.0)
    renogen (1.2.0)
    rspec (3.7.0)
      rspec-core (~> 3.7.0)
      rspec-expectations (~> 3.7.0)
      rspec-mocks (~> 3.7.0)
    rspec-core (3.7.0)
      rspec-support (~> 3.7.0)
    rspec-expectations (3.7.0)
      diff-lcs (>= 1.2.0, < 2.0)
      rspec-support (~> 3.7.0)
    rspec-mocks (3.7.0)
      diff-lcs (>= 1.2.0, < 2.0)
      rspec-support (~> 3.7.0)
    rspec-support (3.7.0)
    ruby2_keywords (0.0.5)
    safe_shell (1.1.0)
    sinatra (2.2.0)
      mustermann (~> 1.0)
      rack (~> 2.2)
      rack-protection (= 2.2.0)
      tilt (~> 2.0)
    sinatra-contrib (2.2.0)
      multi_json
      mustermann (~> 1.0)
      rack-protection (= 2.2.0)
      sinatra (= 2.2.0)
      tilt (~> 2.0)
    tilt (2.0.10)

PLATFORMS
  ruby

DEPENDENCIES
  aws_gateway!
  json
  pdf-forms
  pry-byebug
  puma
  rack-test
  renogen (= 1.2.0)
  rspec
  sinatra
  sinatra-contrib

BUNDLED WITH
   1.16.0
